GIT
  remote: git@github.com:Deliverous/rake-docker.git
  revision: e747a7343a2e1932fd24a9159c4fe7bd5db7ec28
  specs:
    rake-docker (0.0.1)
      rake

GIT
  remote: git@github.com:Deliverous/rake-utils.git
  revision: 883352cfcafe221ceecaec66c60d74a0c9f6b6d7
  specs:
    rake-utils (0.0.1)
      rake

GEM
  remote: https://rubygems.org/
  specs:
    archive-tar-minitar (0.5.2)
    docker-api (1.15.0)
      archive-tar-minitar
      excon (>= 0.38.0)
      json
    excon (0.41.0)
    json (1.8.1)
    mime-types (2.4.3)
    minitest (5.4.3)
    minitest-colorize (0.0.5)
      minitest (>= 2.0)
    netrc (0.8.0)
    rake (10.3.2)
    rest-client (1.7.2)
      mime-types (>= 1.16, < 3.0)
      netrc (~> 0.7)

PLATFORMS
  ruby

DEPENDENCIES
  docker-api
  minitest
  minitest-colorize
  rake
  rake-docker!
  rake-utils!
  rest-client
