GIT
  remote: git@github.com:Deliverous/docker-tdd.git
  revision: 415bb790d23e3229c66ede5d75f10a6f15e63162
  specs:
    docker-tdd (0.0.1)
      docker-api
      minitest

GIT
  remote: git@github.com:Deliverous/rake-docker.git
  revision: 36b7f11251427f43ab94351dbab02ec115d328bb
  specs:
    rake-docker (0.0.1)
      climate_control
      rake

GIT
  remote: git@github.com:Deliverous/rake-git.git
  revision: 20aa00240357675a2ef931e67463ce2af7961818
  specs:
    rake-git (0.0.1)
      colorize
      rake

GIT
  remote: git@github.com:Deliverous/rake-utils.git
  revision: 883352cfcafe221ceecaec66c60d74a0c9f6b6d7
  specs:
    rake-utils (0.0.1)
      rake

GEM
  remote: https://rubygems.org/
  specs:
    activesupport (4.1.8)
      i18n (~> 0.6, >= 0.6.9)
      json (~> 1.7, >= 1.7.7)
      minitest (~> 5.1)
      thread_safe (~> 0.1)
      tzinfo (~> 1.1)
    archive-tar-minitar (0.5.2)
    climate_control (0.0.3)
      activesupport (>= 3.0)
    colorize (0.7.3)
    docker-api (1.15.0)
      archive-tar-minitar
      excon (>= 0.38.0)
      json
    excon (0.41.0)
    i18n (0.6.11)
    json (1.8.1)
    mime-types (2.4.3)
    minitest (5.4.3)
    minitest-colorize (0.0.5)
      minitest (>= 2.0)
    netrc (0.8.0)
    rake (10.3.2)
    rest-client (1.7.2)
      mime-types (>= 1.16, < 3.0)
      netrc (~> 0.7)
    thread_safe (0.3.4)
    tzinfo (1.2.2)
      thread_safe (~> 0.1)

PLATFORMS
  ruby

DEPENDENCIES
  docker-tdd!
  minitest
  minitest-colorize
  rake
  rake-docker!
  rake-git!
  rake-utils!
  rest-client
