GIT
  remote: git@github.com:Deliverous/rake-docker.git
  revision: 2600aa42a87080b01891ef37b01cffccd8d99122
  specs:
    rake-docker (0.0.1)
      rake

GIT
  remote: git@github.com:Deliverous/rake-utils.git
  revision: 883352cfcafe221ceecaec66c60d74a0c9f6b6d7
  specs:
    rake-utils (0.0.1)
      rake

GEM
  remote: https://rubygems.org/
  specs:
    rake (10.3.2)

PLATFORMS
  ruby

DEPENDENCIES
  rake
  rake-docker!
  rake-utils!
