GIT
  remote: git@github.com:Deliverous/rake-docker.git
  revision: e3214c173cc0f09554348345ec78fe67b39db2b7
  specs:
    rake-docker (0.0.1)
      rake

GIT
  remote: git@github.com:Deliverous/rake-utils.git
  revision: 883352cfcafe221ceecaec66c60d74a0c9f6b6d7
  specs:
    rake-utils (0.0.1)
      rake

GEM
  remote: https://rubygems.org/
  specs:
    capybara (2.4.4)
      mime-types (>= 1.16)
      nokogiri (>= 1.3.3)
      rack (>= 1.0.0)
      rack-test (>= 0.5.4)
      xpath (~> 2.0)
    capybara-webkit (1.3.1)
      capybara (>= 2.0.2, < 2.5.0)
      json
    childprocess (0.5.5)
      ffi (~> 1.0, >= 1.0.11)
    docile (1.1.5)
    ffi (1.9.6)
    json (1.8.1)
    mime-types (2.4.3)
    mini_portile (0.6.1)
    multi_json (1.10.1)
    nokogiri (1.6.4.1)
      mini_portile (~> 0.6.0)
    power_assert (0.2.1)
    rack (1.5.2)
    rack-test (0.6.2)
      rack (>= 1.0)
    rake (10.3.2)
    rubyzip (1.1.6)
    selenium-webdriver (2.44.0)
      childprocess (~> 0.5)
      multi_json (~> 1.0)
      rubyzip (~> 1.0)
      websocket (~> 1.0)
    simplecov (0.9.1)
      docile (~> 1.1.0)
      multi_json (~> 1.0)
      simplecov-html (~> 0.8.0)
    simplecov-html (0.8.0)
    test-unit (3.0.7)
      power_assert
    websocket (1.2.1)
    xpath (2.0.0)
      nokogiri (~> 1.3)

PLATFORMS
  ruby

DEPENDENCIES
  capybara
  capybara-webkit
  rake
  rake-docker!
  rake-utils!
  selenium-webdriver
  simplecov
  test-unit
